GEM
  remote: https://rubygems.org/
  specs:
    activesupport (2.3.8)
    gosu (0.7.45)

PLATFORMS
  ruby

DEPENDENCIES
  activesupport (= 2.3.8)
  gosu
