GEM
  remote: https://rubygems.org/
  specs:
    gosu (1.4.6)

PLATFORMS
  ruby

DEPENDENCIES
  gosu

BUNDLED WITH
   2.5.5
